PATH
  remote: .
  specs:
    proc_evaluate (1.1.0)

GEM
  remote: https://rubygems.org/
  specs:
    minitest (5.20.0)
    rake (13.1.0)

PLATFORMS
  x86_64-darwin-19
  x86_64-linux

DEPENDENCIES
  minitest (>= 5)
  proc_evaluate!
  rake (>= 13)

BUNDLED WITH
   2.2.25
